GEM
  remote: https://rubygems.org/
  specs:
    addressable (2.3.8)
    launchy (2.4.3)
      addressable (~> 2.3)

PLATFORMS
  ruby

DEPENDENCIES
  launchy

RUBY VERSION
   ruby 2.2.2p95

BUNDLED WITH
   1.16.1
